GEM
  remote: https://rubygems.org/
  specs:
    blankslate (3.1.3)
    coderay (1.1.0)
    ffi (1.9.10)
    method_source (0.8.2)
    pry (0.10.3)
      coderay (~> 1.1.0)
      method_source (~> 0.8.1)
      slop (~> 3.4)
    rubypython (0.6.3)
      blankslate (>= 2.1.2.3)
      ffi (>= 1.0.7)
    slop (3.6.0)

PLATFORMS
  ruby

DEPENDENCIES
  pry
  rubypython

BUNDLED WITH
   1.10.6
